PATH
  remote: .
  specs:
    metromobilite (0.2.0)
      faraday (~> 0.15)
      httparty (~> 0.17.3)
      json (~> 2.1)

GEM
  remote: https://rubygems.org/
  specs:
    diff-lcs (1.4.4)
    faraday (0.17.4)
      multipart-post (>= 1.2, < 3)
    httparty (0.17.3)
      mime-types (~> 3.0)
      multi_xml (>= 0.5.2)
    json (2.6.0)
    mime-types (3.3.1)
      mime-types-data (~> 3.2015)
    mime-types-data (3.2021.0901)
    multi_xml (0.6.0)
    multipart-post (2.1.1)
    rake (12.3.3)
    rspec (3.10.0)
      rspec-core (~> 3.10.0)
      rspec-expectations (~> 3.10.0)
      rspec-mocks (~> 3.10.0)
    rspec-core (3.10.1)
      rspec-support (~> 3.10.0)
    rspec-expectations (3.10.1)
      diff-lcs (>= 1.2.0, < 2.0)
      rspec-support (~> 3.10.0)
    rspec-mocks (3.10.2)
      diff-lcs (>= 1.2.0, < 2.0)
      rspec-support (~> 3.10.0)
    rspec-support (3.10.2)

PLATFORMS
  x86_64-linux

DEPENDENCIES
  bundler (~> 2.2.10)
  metromobilite!
  rake (~> 12.0)
  rspec (~> 3.0)

BUNDLED WITH
   2.2.29
